GEM
  remote: https://rubygems.org/
  specs:
    byebug (8.2.1)
    coderay (1.1.0)
    ffaker (2.1.0)
    method_source (0.8.2)
    pg (0.18.4)
    pry (0.10.3)
      coderay (~> 1.1.0)
      method_source (~> 0.8.1)
      slop (~> 3.4)
    pry-byebug (3.3.0)
      byebug (~> 8.0)
      pry (~> 0.10)
    rake (10.5.0)
    ruby-progressbar (1.8.1)
    sequel (4.30.0)
    slop (3.6.0)

PLATFORMS
  ruby

DEPENDENCIES
  ffaker
  pg
  pry-byebug
  rake
  ruby-progressbar
  sequel

BUNDLED WITH
   1.12.5
